GEM
  remote: https://rubygems.org/
  specs:
    colorize (1.1.0)
    parallel (1.23.0)

PLATFORMS
  x86_64-darwin-22

DEPENDENCIES
  colorize
  parallel

BUNDLED WITH
   2.4.22
