GEM
  remote: https://rubygems.org/
  specs:
    colorize (1.1.0)

PLATFORMS
  x86_64-darwin-22

DEPENDENCIES
  colorize

BUNDLED WITH
   2.4.22
